GEM
  remote: https://rubygems.org/
  specs:
    mixlib-cli (1.4.0)

PLATFORMS
  ruby

DEPENDENCIES
  mixlib-cli
